PATH
  remote: vendor/ProMotion/
  specs:
    ProMotion (1.0.4)

GEM
  remote: https://rubygems.org/
  specs:
    rake (10.1.0)

PLATFORMS
  ruby

DEPENDENCIES
  ProMotion!
  rake
